GEM
  remote: https://rubygems.org/
  specs:
    activesupport (4.2.3)
      i18n (~> 0.7)
      json (~> 1.7, >= 1.7.7)
      minitest (~> 5.1)
      thread_safe (~> 0.3, >= 0.3.4)
      tzinfo (~> 1.1)
    addressable (2.3.8)
    aws-sdk (1.64.0)
      aws-sdk-v1 (= 1.64.0)
    aws-sdk-v1 (1.64.0)
      json (~> 1.4)
      nokogiri (>= 1.4.4)
    babosa (1.0.2)
    backports (3.6.6)
    bcrypt (3.1.10)
    bond (0.5.1)
    capistrano (3.4.0)
      i18n
      rake (>= 10.0.0)
      sshkit (~> 1.3)
    capistrano-bundler (1.1.4)
      capistrano (~> 3.1)
      sshkit (~> 1.2)
    capybara (2.4.4)
      mime-types (>= 1.16)
      nokogiri (>= 1.3.3)
      rack (>= 1.0.0)
      rack-test (>= 0.5.4)
      xpath (~> 2.0)
    cert (0.3.0)
      fastlane_core (>= 0.9.1)
      spaceship (>= 0.0.10)
    certified (1.0.0)
    claide (0.9.1)
    cliver (0.3.2)
    cocoapods (0.38.2)
      activesupport (>= 3.2.15)
      claide (~> 0.9.1)
      cocoapods-core (= 0.38.2)
      cocoapods-downloader (~> 0.9.1)
      cocoapods-plugins (~> 0.4.2)
      cocoapods-stats (~> 0.5.3)
      cocoapods-trunk (~> 0.6.1)
      cocoapods-try (~> 0.4.5)
      colored (~> 1.2)
      escape (~> 0.0.4)
      molinillo (~> 0.3.1)
      nap (~> 0.8)
      xcodeproj (~> 0.26.3)
    cocoapods-core (0.38.2)
      activesupport (>= 3.2.15)
      fuzzy_match (~> 2.0.4)
      nap (~> 0.8.0)
    cocoapods-downloader (0.9.1)
    cocoapods-plugins (0.4.2)
      nap
    cocoapods-stats (0.5.3)
      nap (~> 0.8)
    cocoapods-trunk (0.6.1)
      nap (>= 0.8)
      netrc (= 0.7.8)
    cocoapods-try (0.4.5)
    colored (1.2)
    colorize (0.7.7)
    commander (4.3.4)
      highline (~> 1.7.2)
    credentials_manager (0.7.0)
      colored
      highline (>= 1.7.1)
      security
    cupertino (1.3.4)
      certified (~> 1.0.0)
      commander (~> 4.3)
      highline (>= 1.7.1)
      mechanize (~> 2.5.1)
      nokogiri (~> 1.6.3)
      security (~> 0.1.2)
      term-ansicolor (~> 1.0.7)
      terminal-table (~> 1.4.5)
    deliver (0.13.0)
      credentials_manager (>= 0.3.0)
      excon
      fastimage (~> 1.6.3)
      fastlane_core (>= 0.7.2)
      nokogiri (~> 1.6.5)
      plist (~> 3.1.0)
      rubyzip (~> 1.1.6)
    domain_name (0.5.24)
      unf (>= 0.0.5, < 1.0.0)
    dotenv (2.0.2)
    escape (0.0.4)
    excon (0.45.4)
    faraday (0.9.1)
      multipart-post (>= 1.2, < 3)
    faraday_middleware (0.10.0)
      faraday (>= 0.7.4, < 0.10)
    fastimage (1.6.8)
      addressable (~> 2.3, >= 2.3.5)
    fastlane (1.14.1)
      aws-sdk (~> 1.0)
      cert (>= 0.3.0)
      cupertino (>= 1.3.3)
      deliver (>= 0.13.0)
      fastlane_core (>= 0.10.1)
      frameit (>= 2.1.0)
      krausefx-shenzhen (>= 0.14.5)
      nokogiri (~> 1.6)
      pbxplorer (~> 1.0.0)
      pem (>= 0.6.4)
      produce (>= 0.5.1)
      rest-client (~> 1.8.0)
      sigh (>= 0.10.3)
      slack-notifier (~> 1.0)
      snapshot (>= 0.9.2)
      spaceship (>= 0.3.4)
      terminal-notifier (~> 1.6.2)
      terminal-table (~> 1.4.5)
      xcodeproj (~> 0.20)
      xcpretty (~> 0.1)
    fastlane_core (0.11.1)
      babosa
      capybara (~> 2.4.3)
      colored
      commander (>= 4.3.4)
      credentials_manager (>= 0.7.0)
      excon (~> 0.45.0)
      highline (>= 1.7.2)
      json
      multi_json
      phantomjs (~> 1.9.8)
      poltergeist (~> 1.5.1)
      rubyzip (~> 1.1.6)
    frameit (2.1.0)
      deliver (> 0.3)
      fastimage (~> 1.6.3)
      fastlane_core (>= 0.7.2)
      mini_magick (~> 4.0.2)
    fuzzy_match (2.0.4)
    highline (1.7.3)
    http-cookie (1.0.2)
      domain_name (~> 0.5)
    i18n (0.7.0)
    json (1.8.3)
    json-schema (2.4.1)
    krausefx-shenzhen (0.14.5)
      aws-sdk (~> 1.0)
      commander (~> 4.3)
      dotenv (>= 0.7)
      faraday (~> 0.9)
      faraday_middleware (~> 0.9)
      highline (>= 1.7.2)
      json (~> 1.8)
      net-sftp (~> 2.1.2)
      plist (~> 3.1.0)
      rubyzip (~> 1.1)
      security (~> 0.1.3)
      terminal-table (~> 1.4.5)
    mechanize (2.5.1)
      domain_name (~> 0.5, >= 0.5.1)
      mime-types (~> 1.17, >= 1.17.2)
      net-http-digest_auth (~> 1.1, >= 1.1.1)
      net-http-persistent (~> 2.5, >= 2.5.2)
      nokogiri (~> 1.4)
      ntlm-http (~> 0.1, >= 0.1.1)
      webrobots (~> 0.0, >= 0.0.9)
    mime-types (1.25.1)
    mini_magick (4.0.4)
    mini_portile (0.6.2)
    minitest (5.7.0)
    molinillo (0.3.1)
    mono_logger (1.1.0)
    multi_json (1.11.2)
    multi_xml (0.5.5)
    multipart-post (2.0.0)
    nap (0.8.0)
    net-http-digest_auth (1.4)
    net-http-persistent (2.9.4)
    net-scp (1.2.1)
      net-ssh (>= 2.6.5)
    net-sftp (2.1.2)
      net-ssh (>= 2.6.5)
    net-ssh (2.9.2)
    netrc (0.7.8)
    nokogiri (1.6.6.2)
      mini_portile (~> 0.6.0)
    ntlm-http (0.1.1)
    pbxplorer (1.0.0)
    pem (0.6.4)
      fastlane_core (>= 0.7.2)
    phantomjs (1.9.8.0)
    plist (3.1.0)
    poltergeist (1.5.1)
      capybara (~> 2.1)
      cliver (~> 0.3.1)
      multi_json (~> 1.0)
      websocket-driver (>= 0.2.0)
    produce (0.5.1)
      fastlane_core (>= 0.11.1)
      spaceship (>= 0.3.4)
    rack (1.6.4)
    rack-parser (0.6.1)
      rack
    rack-protection (1.5.3)
      rack
    rack-test (0.6.3)
      rack (>= 1.0)
    rake (10.4.2)
    redis (3.2.1)
    redis-namespace (1.5.2)
      redis (~> 3.0, >= 3.0.4)
    resque (1.25.2)
      mono_logger (~> 1.0)
      multi_json (~> 1.0)
      redis-namespace (~> 1.3)
      sinatra (>= 0.9.2)
      vegas (~> 0.1.2)
    rest-client (1.8.0)
      http-cookie (>= 1.0.2, < 2.0)
      mime-types (>= 1.16, < 3.0)
      netrc (~> 0.7)
    ripl (0.7.1)
      bond (~> 0.5.1)
    ripl-multi_line (0.3.1)
      ripl (>= 0.3.6)
    ripl-rack (0.2.1)
      rack (>= 1.0)
      rack-test (~> 0.6.2)
      ripl (>= 0.7.0)
    rubyzip (1.1.7)
    security (0.1.3)
    shotgun (0.9.1)
      rack (>= 1.0)
    sigh (0.10.3)
      fastlane_core (>= 0.10.1)
      plist (~> 3.1.0)
      spaceship (>= 0.0.14)
    sinatra (1.4.6)
      rack (~> 1.4)
      rack-protection (~> 1.4)
      tilt (>= 1.3, < 3)
    sinatra-contrib (1.4.6)
      backports (>= 2.0)
      multi_json
      rack-protection
      rack-test
      sinatra (~> 1.4.0)
      tilt (>= 1.3, < 3)
    sinatra-cross_origin (0.3.2)
    slack-notifier (1.2.1)
    snapshot (0.9.2)
      fastimage (~> 1.6.3)
      fastlane_core (>= 0.7.2)
    spaceship (0.3.4)
      credentials_manager (>= 0.5.0)
      faraday (~> 0.9)
      faraday_middleware (~> 0.9)
      multi_xml (~> 0.5)
      plist (~> 3.1)
    sshkit (1.7.1)
      colorize (>= 0.7.0)
      net-scp (>= 1.1.2)
      net-ssh (>= 2.8.0)
    term-ansicolor (1.0.7)
    terminal-notifier (1.6.3)
    terminal-table (1.4.5)
    thread_safe (0.3.5)
    tilt (2.0.1)
    tux (0.3.0)
      ripl (>= 0.3.5)
      ripl-multi_line (>= 0.2.4)
      ripl-rack (>= 0.2.0)
      sinatra (>= 1.2.1)
    tzinfo (1.2.2)
      thread_safe (~> 0.1)
    unf (0.1.4)
      unf_ext
    unf_ext (0.0.7.1)
    vegas (0.1.11)
      rack (>= 1.0.0)
    webrobots (0.1.1)
    websocket-driver (0.6.2)
      websocket-extensions (>= 0.1.0)
    websocket-extensions (0.1.2)
    xcodeproj (0.26.3)
      activesupport (>= 3)
      claide (~> 0.9.1)
      colored (~> 1.2)
    xcpretty (0.1.10)
    xpath (2.0.0)
      nokogiri (~> 1.3)

PLATFORMS
  ruby

DEPENDENCIES
  bcrypt (~> 3.1.5)
  capistrano (~> 3.1)
  capistrano-bundler (~> 1.1.2)
  cocoapods
  fastlane
  json-schema (~> 2.4.1)
  rack-parser
  resque
  shotgun
  sinatra (~> 1.4.5)
  sinatra-contrib (~> 1.4.2)
  sinatra-cross_origin (~> 0.3.1)
  tux

BUNDLED WITH
   1.10.6
